GEM
  remote: https://rubygems.org/
  specs:
    cairo (1.17.13)
      native-package-installer (>= 1.0.3)
      pkg-config (>= 1.2.2)
      red-colors
    cairo-gobject (4.2.2)
      cairo (>= 1.16.2)
      glib2 (= 4.2.2)
    fiddle (1.1.2)
    gdk_pixbuf2 (4.2.2)
      gio2 (= 4.2.2)
    gio2 (4.2.2)
      fiddle
      gobject-introspection (= 4.2.2)
    glib2 (4.2.2)
      native-package-installer (>= 1.0.3)
      pkg-config (>= 1.3.5)
    gobject-introspection (4.2.2)
      glib2 (= 4.2.2)
    json (2.7.2)
    matrix (0.4.2)
    native-package-installer (1.1.9)
    observer (0.1.2)
    optimist (3.1.0)
    parslet (2.0.0)
    pkg-config (1.5.6)
    red-colors (0.4.0)
      json
      matrix
    rmagick (6.0.1)
      observer (~> 0.1)
      pkg-config (~> 1.4)
    rsvg2 (4.2.2)
      cairo-gobject (= 4.2.2)
      gdk_pixbuf2 (= 4.2.2)
    rsyntaxtree (1.2.12)
      optimist (>= 3.0.1)
      parslet
      rmagick (>= 4.3)
      rsvg2

PLATFORMS
  universal-darwin
  universal-linux

DEPENDENCIES
  rsyntaxtree

BUNDLED WITH
   2.3.27
